GEM
  remote: http://rubygems.org/
  specs:
    rr (1.0.2)

PLATFORMS
  ruby

DEPENDENCIES
  rr
